GEM
  remote: https://rubygems.org/
  specs:
    activesupport (3.2.9)
      i18n (~> 0.6)
      multi_json (~> 1.0)
    bson (1.8.0)
      activesupport
    bson_ext (1.8.0)
      bson (~> 1.8.0)
    daemons (1.1.9)
    eventmachine (1.0.0)
    i18n (0.6.1)
    mongo (1.8.0)
      bson (~> 1.8.0)
    multi_json (1.5.0)
    plist (3.1.0)
    rack (1.4.1)
    rack-protection (1.3.2)
      rack
    sinatra (1.3.3)
      rack (~> 1.3, >= 1.3.6)
      rack-protection (~> 1.2)
      tilt (~> 1.3, >= 1.3.3)
    textpow (1.3.0)
      plist (>= 3.0.1)
    thin (1.5.0)
      daemons (>= 1.0.9)
      eventmachine (>= 0.12.6)
      rack (>= 1.0.0)
    tilt (1.3.3)
    ultraviolet (1.0.0)
      textpow (>= 1.3.0)

PLATFORMS
  ruby

DEPENDENCIES
  bson_ext
  mongo
  sinatra
  thin
  ultraviolet
