GEM
  remote: https://rubygems.org/
  specs:
    bson (1.9.2)
    bson_ext (1.9.2)
      bson (~> 1.9.2)
    daemons (1.1.9)
    eventmachine (1.0.3)
    mongo (1.9.2)
      bson (~> 1.9.2)
    plist (3.1.0)
    rack (1.5.2)
    rack-protection (1.5.0)
      rack
    sinatra (1.4.3)
      rack (~> 1.4)
      rack-protection (~> 1.4)
      tilt (~> 1.3, >= 1.3.4)
    textpow (1.3.1)
      plist (>= 3.0.1)
    thin (1.5.1)
      daemons (>= 1.0.9)
      eventmachine (>= 0.12.6)
      rack (>= 1.0.0)
    tilt (1.4.1)
    ultraviolet (1.0.1)
      textpow (>= 1.3.0)

PLATFORMS
  ruby

DEPENDENCIES
  bson_ext
  mongo
  sinatra
  thin
  ultraviolet
